GEM
  remote: https://rubygems.org/
  specs:
    awesome_print (1.6.1)
    logger (1.2.8)
    mini_portile (0.6.2)
    nokogiri (1.6.6.2)
      mini_portile (~> 0.6.0)

PLATFORMS
  ruby

DEPENDENCIES
  awesome_print
  logger
  nokogiri
